GIT
  remote: git://github.com/capistrano/bundler.git
  revision: 8c40862ef53de8d7706682f452f6ba76502864ad
  specs:
    capistrano-bundler (1.0.0)
      capistrano (>= 3.0.0.pre)

GIT
  remote: git://github.com/capistrano/capistrano.git
  revision: 1c767c541eb2270115bba9a9b6508f2d74c14366
  specs:
    capistrano (3.0.0)
      i18n
      rake (>= 10.0.0)
      sshkit (>= 0.0.23)

GIT
  remote: git://github.com/capistrano/rails.git
  revision: 1fbdf376f0b1d862f2f3fd8c132039dbbf56c6b9
  specs:
    capistrano-rails (1.0.0)
      capistrano

GIT
  remote: git://github.com/capistrano/rvm.git
  revision: 02e879b83789e22f89a581f95c13418a3481a80b
  specs:
    capistrano-rvm (0.0.1)
      capistrano

GEM
  remote: https://rubygems.org/
  specs:
    i18n (0.6.5)
    net-scp (1.0.4)
      net-ssh (>= 1.99.1)
    net-ssh (2.7.0)
    rake (10.0.4)
    sshkit (1.0.0)
      net-scp
      net-ssh
      term-ansicolor
    term-ansicolor (1.2.2)
      tins (~> 0.8)
    tins (0.11.0)

PLATFORMS
  ruby

DEPENDENCIES
  capistrano!
  capistrano-bundler!
  capistrano-rails!
  capistrano-rvm!
