GIT
  remote: git://github.com/capistrano/capistrano.git
  revision: eadf15248c1aca57ead37161663739eda33d94a2
  specs:
    capistrano (3.1.0)
      i18n
      rake (>= 10.0.0)
      sshkit (~> 1.3)

GIT
  remote: git://github.com/capistrano/rails.git
  revision: 5f112183dad808078a56c8558046d84d182eddf6
  specs:
    capistrano-rails (1.1.1)
      capistrano (~> 3.1)
      capistrano-bundler (~> 1.1)

GIT
  remote: git://github.com/capistrano/rvm.git
  revision: 7a35d1124e5cf4dcec1079acf3941b8be54307fd
  specs:
    capistrano-rvm (0.1.0)
      capistrano (~> 3.0)
      sshkit (~> 1.2)

GEM
  remote: https://rubygems.org/
  specs:
    capistrano-bundler (1.1.1)
      capistrano (~> 3.0)
      sshkit (>= 1.2.0)
    i18n (0.6.9)
    net-scp (1.1.2)
      net-ssh (>= 2.6.5)
    net-ssh (2.7.0)
    rake (10.1.1)
    sshkit (1.3.0)
      net-scp (>= 1.1.2)
      net-ssh
      term-ansicolor
    term-ansicolor (1.2.2)
      tins (~> 0.8)
    tins (0.13.1)

PLATFORMS
  ruby

DEPENDENCIES
  capistrano!
  capistrano-rails!
  capistrano-rvm!
